GEM
  remote: http://rubygems.org/
  specs:
    activesupport (3.2.3)
      i18n (~> 0.6)
      multi_json (~> 1.0)
    bootstrap-sass (2.0.2)
    chunky_png (1.2.5)
    coffee-script (2.2.0)
      coffee-script-source
      execjs
    coffee-script-source (1.3.1)
    compass (0.12.1)
      chunky_png (~> 1.2)
      fssm (>= 0.2.7)
      sass (~> 3.1)
    crush (0.3.3)
      tilt (~> 1.3)
    execjs (1.3.1)
      multi_json (~> 1.0)
    fssm (0.2.9)
    hike (1.2.1)
    http_router (0.10.2)
      rack (>= 1.0.0)
      url_mount (~> 0.2.1)
    i18n (0.6.0)
    machined (0.9.0)
      activesupport (~> 3.2.3)
      crush (~> 0.3.3)
      i18n (~> 0.6.0)
      padrino-helpers (~> 0.10.5)
      sprockets (~> 2.4.0)
      sprockets-helpers (~> 0.4.0)
      sprockets-sass (~> 0.8.0)
      thor (~> 0.14.6)
    multi_json (1.3.4)
    padrino-core (0.10.6)
      activesupport (~> 3.2.0)
      http_router (~> 0.10.2)
      sinatra (~> 1.3.1)
      thor (~> 0.14.3)
      tilt (~> 1.3.0)
    padrino-helpers (0.10.6)
      i18n (~> 0.6)
      padrino-core (= 0.10.6)
    rack (1.4.1)
    rack-protection (1.2.0)
      rack
    sass (3.1.16)
    sinatra (1.3.2)
      rack (~> 1.3, >= 1.3.6)
      rack-protection (~> 1.2)
      tilt (~> 1.3, >= 1.3.3)
    slim (1.2.0)
      temple (~> 0.4.0)
      tilt (~> 1.3.3)
    sprockets (2.4.1)
      hike (~> 1.2)
      multi_json (~> 1.0)
      rack (~> 1.0)
      tilt (~> 1.1, != 1.3.0)
    sprockets-helpers (0.4.0)
      sprockets (~> 2.0)
    sprockets-sass (0.8.0)
      sprockets (~> 2.0)
      tilt (~> 1.1)
    temple (0.4.0)
    thor (0.14.6)
    tilt (1.3.3)
    uglifier (1.2.4)
      execjs (>= 0.3.0)
      multi_json (>= 1.0.2)
    url_mount (0.2.1)
      rack

PLATFORMS
  ruby

DEPENDENCIES
  bootstrap-sass
  coffee-script (~> 2.2)
  compass
  machined (= 0.9.0)
  sass (~> 3.1)
  slim
  uglifier (~> 1.0)
